GEM
  remote: http://gems.ruby-china.org/
  specs:
    byebug (6.0.2)
    colorator (0.1)
    deep_merge (1.0.1)
    faraday (0.9.2)
      multipart-post (>= 1.2, < 3)
    faraday_middleware (0.9.2)
      faraday (>= 0.7.4, < 0.10)
    ffi (1.9.10)
    haml (4.0.7)
      tilt
    hashie (3.4.3)
    instagram (1.1.6)
      faraday (>= 0.7, < 0.10)
      faraday_middleware (>= 0.8, < 0.10)
      hashie (>= 0.4.0)
      multi_json (~> 1.0, >= 1.0.3)
    jekyll (3.0.0)
      colorator (~> 0.1)
      jekyll-sass-converter (~> 1.0)
      jekyll-watch (~> 1.1)
      kramdown (~> 1.3)
      liquid (~> 3.0)
      mercenary (~> 0.3.3)
      rouge (~> 1.7)
      safe_yaml (~> 1.0)
    jekyll-asset-pipeline (0.1.2)
      jekyll (>= 0.10.0)
      liquid (>= 1.9.0)
    jekyll-sass-converter (1.3.0)
      sass (~> 3.2)
    jekyll-watch (1.3.0)
      listen (~> 3.0)
    json (1.8.3)
    kramdown (1.9.0)
    liquid (3.0.6)
    listen (3.0.3)
      rb-fsevent (>= 0.9.3)
      rb-inotify (>= 0.9)
    mercenary (0.3.5)
    multi_json (1.11.2)
    multipart-post (2.0.0)
    rake (10.4.2)
    rb-fsevent (0.9.6)
    rb-inotify (0.9.5)
      ffi (>= 0.5.0)
    rdiscount (2.1.8)
    rouge (1.10.1)
    safe_yaml (1.0.4)
    sass (3.4.19)
    tilt (2.0.1)
    yui-compressor (0.12.0)

PLATFORMS
  ruby

DEPENDENCIES
  byebug
  deep_merge
  haml
  instagram
  jekyll
  jekyll-asset-pipeline
  json
  rake
  rdiscount
  yui-compressor

BUNDLED WITH
   1.11.2
